GIT
  remote: git://github.com/rubyspec/mspec.git
  revision: 69c388b1187789f4996eda7dec4c1404fcd6b742
  specs:
    mspec (1.5.18)

PATH
  remote: .
  specs:
    backports (3.1.1)

GEM
  remote: http://rubygems.org/
  specs:
    rake (10.0.3)

PLATFORMS
  java
  ruby

DEPENDENCIES
  backports!
  mspec!
  rake
